GEM
  remote: https://rubygems.org/
  specs:
    nio4r (2.5.8)
    puma (5.6.4)
      nio4r (~> 2.0)
    rack (2.2.4)

PLATFORMS
  arm64-darwin-21

DEPENDENCIES
  puma (~> 5.6, >= 5.6.4)
  rack (~> 2.2, >= 2.2.4)

RUBY VERSION
   ruby 3.1.2p20

BUNDLED WITH
   2.3.19
